GEM
  remote: https://rubygems.org/
  specs:
    iso_country_codes (0.7.1)
    json (1.8.3)

PLATFORMS
  ruby

DEPENDENCIES
  iso_country_codes
  json

BUNDLED WITH
   1.10.4
